PATH
  remote: .
  specs:
    Gitlab-mergetrain-checker (0.1.0)

GEM
  remote: https://rubygems.org/
  specs:
    rake (12.3.3)

PLATFORMS
  ruby

DEPENDENCIES
  Gitlab-mergetrain-checker!
  rake (~> 12.0)

BUNDLED WITH
   2.1.4
