PATH
  remote: .
  specs:
    gitlab-mergetrain-checker (1.1.0)
      ruby-keychain (~> 0.3.2)

GEM
  remote: https://rubygems.org/
  specs:
    corefoundation (0.2.0)
      ffi
    ffi (1.12.2)
    rake (12.3.3)
    ruby-keychain (0.3.2)
      corefoundation (~> 0.2.0)
      ffi

PLATFORMS
  ruby

DEPENDENCIES
  gitlab-mergetrain-checker!
  rake (~> 12.0)

BUNDLED WITH
   2.1.4
